PATH
  remote: .
  specs:
    fast_jsonparser (0.1.0)

GEM
  remote: https://rubygems.org/
  specs:
    byebug (11.1.3)
    minitest (5.14.1)
    oj (3.10.6)
    rake (10.5.0)
    rake-compiler (1.1.0)
      rake

PLATFORMS
  ruby

DEPENDENCIES
  bundler (~> 2.0)
  byebug
  fast_jsonparser!
  minitest (~> 5.0)
  oj
  rake (~> 10.0)
  rake-compiler

BUNDLED WITH
   2.0.1
