PATH
  remote: .
  specs:
    fast_jsonparser (0.2.0)

GEM
  remote: https://rubygems.org/
  specs:
    minitest (5.14.1)
    oj (3.10.6)
    rake (13.0.1)
    rake-compiler (1.1.0)
      rake
    yajl-ruby (1.4.1)

PLATFORMS
  ruby

DEPENDENCIES
  bundler (~> 2.0)
  fast_jsonparser!
  minitest (~> 5.0)
  oj
  rake (~> 13.0)
  rake-compiler
  yajl-ruby

BUNDLED WITH
   2.0.1
